PATH
  remote: .
  specs:
    sipgate (0.1.0)
      faraday (~> 0.7.4)

GEM
  remote: https://rubygems.org/
  specs:
    addressable (2.5.2)
      public_suffix (>= 2.0.2, < 4.0)
    byebug (9.1.0)
    faraday (0.7.6)
      addressable (~> 2.2)
      multipart-post (~> 1.1)
      rack (~> 1.1)
    multipart-post (1.2.0)
    public_suffix (3.0.1)
    rack (1.6.8)
    sqlite3 (1.3.13)

PLATFORMS
  ruby

DEPENDENCIES
  byebug
  sipgate!
  sqlite3

BUNDLED WITH
   1.15.4
